GEM
  remote: https://rubygems.org/
  specs:
    colorize (0.8.1)
    differ (0.1.2)
    httparty (0.21.0)
      mini_mime (>= 1.0.0)
      multi_xml (>= 0.5.2)
    mini_mime (1.1.2)
    multi_xml (0.6.0)

PLATFORMS
  ruby

DEPENDENCIES
  colorize
  differ
  httparty

BUNDLED WITH
   1.17.2
