GEM
  remote: https://rubygems.org/
  specs:
    colorize (0.8.1)
    differ (0.1.2)
    httparty (0.17.1)
      mime-types (~> 3.0)
      multi_xml (>= 0.5.2)
    mime-types (3.3)
      mime-types-data (~> 3.2015)
    mime-types-data (3.2019.1009)
    multi_xml (0.6.0)

PLATFORMS
  ruby

DEPENDENCIES
  colorize
  differ
  httparty

BUNDLED WITH
   1.17.2
